GEM
  remote: http://rubygems.org/
  specs:
    aws_cf_signer (0.1.1)
    bson (1.4.0)
    bson_ext (1.4.0)
    cloudinary (1.0.37)
      aws_cf_signer
      rest-client
    json (1.6.1)
    mime-types (1.19)
    mongo (1.4.0)
      bson (= 1.4.0)
    mustermann (2.0.2)
      ruby2_keywords (~> 0.0.1)
    rack (2.2.6.4)
    rack-protection (2.2.3)
      rack
    rest-client (1.6.7)
      mime-types (>= 1.16)
    ruby2_keywords (0.0.5)
    sinatra (2.2.3)
      mustermann (~> 2.0)
      rack (~> 2.2)
      rack-protection (= 2.2.3)
      tilt (~> 2.0)
    tilt (2.1.0)

PLATFORMS
  ruby

DEPENDENCIES
  bson_ext
  cloudinary
  json
  mongo
  sinatra
