GEM
  remote: http://rubygems.org/
  specs:
    aws_cf_signer (0.1.1)
    bson (1.4.0)
    bson_ext (1.4.0)
    cloudinary (1.0.37)
      aws_cf_signer
      rest-client
    domain_name (0.5.20190701)
      unf (>= 0.0.5, < 1.0.0)
    http-accept (1.7.0)
    http-cookie (1.0.5)
      domain_name (~> 0.5)
    json (1.6.1)
    mime-types (3.4.1)
      mime-types-data (~> 3.2015)
    mime-types-data (3.2023.0218.1)
    mongo (1.4.0)
      bson (= 1.4.0)
    netrc (0.11.0)
    rack (1.3.5)
    rack-protection (1.1.4)
      rack
    rest-client (2.1.0)
      http-accept (>= 1.7.0, < 2.0)
      http-cookie (>= 1.0.2, < 2.0)
      mime-types (>= 1.16, < 4.0)
      netrc (~> 0.8)
    sinatra (1.3.1)
      rack (~> 1.3, >= 1.3.4)
      rack-protection (~> 1.1, >= 1.1.2)
      tilt (~> 1.3, >= 1.3.3)
    tilt (1.3.3)
    unf (0.1.4)
      unf_ext
    unf_ext (0.0.8.2)

PLATFORMS
  ruby

DEPENDENCIES
  bson_ext
  cloudinary
  json
  mongo
  sinatra
